GEM
  remote: https://rubygems.org/
  specs:
    bson (4.3.0)
    daemons (1.2.6)
    eventmachine (1.2.7)
    json (2.1.0)
    mongo (2.6.2)
      bson (>= 4.3.0, < 5.0.0)
    mustermann (1.0.3)
    rack (2.1.4)
    rack-protection (2.0.4)
      rack
    rack-ssl (1.4.1)
      rack
    sinatra (2.0.4)
      mustermann (~> 1.0)
      rack (~> 2.0)
      rack-protection (= 2.0.4)
      tilt (~> 2.0)
    thin (1.7.2)
      daemons (~> 1.0, >= 1.0.9)
      eventmachine (~> 1.0, >= 1.0.4)
      rack (>= 1, < 3)
    tilt (2.0.8)

PLATFORMS
  ruby

DEPENDENCIES
  json
  mongo
  rack (~> 2.1)
  rack-ssl (~> 1.4)
  sinatra (~> 2.0, >= 2.0.4)
  thin

BUNDLED WITH
   2.0.1
