GEM
  remote: https://rubygems.org/
  specs:
    bson (4.12.1)
    daemons (1.4.0)
    eventmachine (1.2.7)
    json (2.5.1)
    mongo (2.14.0)
      bson (>= 4.8.2, < 5.0.0)
    mustermann (2.0.2)
      ruby2_keywords (~> 0.0.1)
    rack (2.2.3)
    rack-protection (2.2.3)
      rack
    rack-ssl (1.4.1)
      rack
    ruby2_keywords (0.0.5)
    sinatra (2.2.3)
      mustermann (~> 2.0)
      rack (~> 2.2)
      rack-protection (= 2.2.3)
      tilt (~> 2.0)
    thin (1.8.1)
      daemons (~> 1.0, >= 1.0.9)
      eventmachine (~> 1.0, >= 1.0.4)
      rack (>= 1, < 3)
    tilt (2.0.11)

PLATFORMS
  ruby

DEPENDENCIES
  json
  mongo
  rack (~> 2.1)
  rack-ssl (~> 1.4)
  sinatra (~> 2.2)
  thin

BUNDLED WITH
   2.2.20
